FRAMEWORK: NET45
NUGET
  remote: https://www.nuget.org/api/v2
    FAKE (4.47.1)
    FSharp.Core (4.0.0.1)
    FsUnit (2.3.2)
      FSharp.Core (>= 3.1.2.5)
      NUnit (3.5)
    Node.js (5.3)
    Npm.js (2.13.1)
      Node.js (>= 0.12.7)
    NUnit (3.5)
    Octokit (0.23)
GIT
  remote: https://github.com/ionide/FsAutoComplete.git
     (b81414d8a971543e81081f8b6d2e569f3787a0b8)
      build: build.cmd LocalRelease
      os: windows
     (b81414d8a971543e81081f8b6d2e569f3787a0b8)
      build: build.sh LocalRelease
      os: mono
  remote: https://github.com/fsharp-editing/Forge.git
     (588f9e79133b1373ee477a6d2ad27f1bdd0aae93)
      build: build.cmd Build
      os: windows
     (588f9e79133b1373ee477a6d2ad27f1bdd0aae93)
      build: build.sh Build
      os: mono
  remote: https://github.com/ionide/ionide-fsgrammar.git
     (9f45cc48393b0b17f68ac65669b0fbb01cb36646)
GITHUB
  remote: fsharp/FAKE
    modules/Octokit/Octokit.fsx (4f838ccbf9aa304811c9bb0e7a1e03a6dd0b41f0)
      Octokit (>= 0.20)
  remote: Ionide/ionide-vscode-helpers
    Fable.Import.Axios.fs (3ff47d47fb8eddc475b30ac490c1aeee55885a16)
    Fable.Import.VSCode.fs (3ff47d47fb8eddc475b30ac490c1aeee55885a16)
    Fable.Import.ws.fs (3ff47d47fb8eddc475b30ac490c1aeee55885a16)
    Helpers.fs (3ff47d47fb8eddc475b30ac490c1aeee55885a16)