FRAMEWORK: NET45
NUGET
  remote: https://www.nuget.org/api/v2
    FAKE (4.45.3)
    FSharp.Core (4.0.0.1)
    FsUnit (2.3.2)
      FSharp.Core (>= 3.1.2.5)
      NUnit (3.5)
    Node.js (5.3)
    Npm.js (2.13.1)
      Node.js (>= 0.12.7)
    NUnit (3.5)
    Octokit (0.23)
GIT
  remote: https://github.com/ionide/FsAutoComplete.git
     (c19957dc5028f3d7ee3099a3d4abf551880bed80)
      build: build.cmd LocalRelease
      os: windows
     (c19957dc5028f3d7ee3099a3d4abf551880bed80)
      build: build.sh LocalRelease
      os: mono
  remote: https://github.com/fsharp-editing/Forge.git
     (700fa7fbaa652789230687da0f2e25033456ebdf)
      build: build.cmd Build
      os: windows
     (700fa7fbaa652789230687da0f2e25033456ebdf)
      build: build.sh Build
      os: mono
  remote: https://github.com/ionide/ionide-fsgrammar.git
     (d627014204dbf241fb80d80895f8fcaa0f95941d)
GITHUB
  remote: fsharp/FAKE
    modules/Octokit/Octokit.fsx (3121e610f04d4c9839f44326ab4ca02e28eb15a2)
      Octokit (>= 0.20)
  remote: Ionide/ionide-vscode-helpers
    Fable.Import.Axios.fs (acb324dcf319060bd54a91f9af1cfdc67facff88)
    Fable.Import.VSCode.fs (acb324dcf319060bd54a91f9af1cfdc67facff88)
    Fable.Import.ws.fs (acb324dcf319060bd54a91f9af1cfdc67facff88)
    Helpers.fs (acb324dcf319060bd54a91f9af1cfdc67facff88)